GEM
  remote: https://rubygems.org/
  specs:
    bson (4.2.1)
    etc (0.2.0)
    json (2.0.3)
    mongo (2.3.0)
      bson (~> 4.1)

PLATFORMS
  ruby

DEPENDENCIES
  bson (>= 4.1.1)
  etc (>= 0.2.0)
  json (>= 2.0.3)
  mongo (>= 2.3.0)

BUNDLED WITH
   1.13.6
